GEM
  remote: https://rubygems.org/
  specs:
    progressbar (1.8.2)
    rubyzip (1.2.1)

PLATFORMS
  ruby

DEPENDENCIES
  progressbar (~> 1.8)
  rubyzip (~> 1.2)

BUNDLED WITH
   1.16.0.pre.2
